GEM
  remote: https://rubygems.org/
  specs:
    buschtelefon (0.3.0)
    byebug (11.0.1)
    diff-lcs (1.3)
    docile (1.3.2)
    json (2.2.0)
    lapidar (0.2.0)
      buschtelefon (~> 0.3)
      oj (>= 1.0)
    oj (3.9.2)
    rspec (3.8.0)
      rspec-core (~> 3.8.0)
      rspec-expectations (~> 3.8.0)
      rspec-mocks (~> 3.8.0)
    rspec-core (3.8.2)
      rspec-support (~> 3.8.0)
    rspec-expectations (3.8.4)
      diff-lcs (>= 1.2.0, < 2.0)
      rspec-support (~> 3.8.0)
    rspec-mocks (3.8.1)
      diff-lcs (>= 1.2.0, < 2.0)
      rspec-support (~> 3.8.0)
    rspec-support (3.8.2)
    simplecov (0.17.1)
      docile (~> 1.1)
      json (>= 1.8, < 3)
      simplecov-html (~> 0.10.0)
    simplecov-html (0.10.2)

PLATFORMS
  ruby

DEPENDENCIES
  byebug
  lapidar
  rspec
  simplecov

RUBY VERSION
   ruby 2.6.4p104

BUNDLED WITH
   2.0.2
